PATH
  remote: .
  specs:
    deck-of-cards (0.0.1)

GEM
  remote: http://rubygems.org/
  specs:

PLATFORMS
  ruby

DEPENDENCIES
  deck-of-cards!
